GIT
  remote: git@github.com:protonet/protolink.git
  revision: f421df6574f4523ee1baf5b40084190dda6d421d
  specs:
    protolink (0.2.10)
      eventmachine
      httparty (~> 0.7.4)

GEM
  remote: http://rubygems.org/
  specs:
    capistrano (2.11.2)
      highline
      net-scp (>= 1.0.0)
      net-sftp (>= 2.0.0)
      net-ssh (>= 2.0.14)
      net-ssh-gateway (>= 1.1.0)
    crack (0.1.8)
    eventmachine (0.12.10)
    highline (1.6.11)
    httparty (0.7.8)
      crack (= 0.1.8)
    net-scp (1.0.4)
      net-ssh (>= 1.99.1)
    net-sftp (2.0.5)
      net-ssh (>= 2.0.9)
    net-ssh (2.3.0)
    net-ssh-gateway (1.1.0)
      net-ssh (>= 1.99.1)
    rack (1.4.1)
    rack-protection (1.2.0)
      rack
    shotgun (0.9)
      rack (>= 1.0)
    sinatra (1.3.2)
      rack (~> 1.3, >= 1.3.6)
      rack-protection (~> 1.2)
      tilt (~> 1.3, >= 1.3.3)
    tilt (1.3.3)

PLATFORMS
  ruby

DEPENDENCIES
  capistrano
  protolink!
  shotgun
  sinatra
